GEM
  remote: https://rubygems.org/
  specs:
    celluloid (0.16.0)
      timers (~> 4.0.0)
    coderay (1.1.2)
    ffi (1.9.18)
    formatador (0.2.5)
    guard (2.6.1)
      formatador (>= 0.2.4)
      listen (~> 2.7)
      lumberjack (~> 1.0)
      pry (>= 0.9.12)
      thor (>= 0.18.1)
    guard-gradle (0.5.0)
      guard (~> 2.6.1)
    hitimes (1.2.6)
    listen (2.10.1)
      celluloid (~> 0.16.0)
      rb-fsevent (>= 0.9.3)
      rb-inotify (>= 0.9)
    lumberjack (1.0.12)
    method_source (0.9.0)
    pry (0.11.3)
      coderay (~> 1.1.0)
      method_source (~> 0.9.0)
    rb-fsevent (0.10.2)
    rb-inotify (0.9.10)
      ffi (>= 0.5.0, < 2)
    terminal-notifier-guard (1.7.0)
    thor (0.20.0)
    timers (4.0.4)
      hitimes

PLATFORMS
  ruby

DEPENDENCIES
  guard-gradle
  terminal-notifier-guard

BUNDLED WITH
   1.16.1
